PATH
  remote: .
  specs:
    redis-expiring_counter (1.0.0.0)
      redis

GEM
  remote: http://rubygems.org/
  specs:
    redis (2.2.2)

PLATFORMS
  ruby

DEPENDENCIES
  redis-expiring_counter!
